PATH
  remote: .
  specs:
    time_series (0.0.1)
      activesupport
      awesome_print
      hiredis
      redis

GEM
  remote: https://rubygems.org/
  specs:
    activesupport (4.0.0)
      i18n (~> 0.6, >= 0.6.4)
      minitest (~> 4.2)
      multi_json (~> 1.3)
      thread_safe (~> 0.1)
      tzinfo (~> 0.3.37)
    atomic (1.1.9)
    awesome_print (1.1.0)
    hiredis (0.4.5)
    i18n (0.6.4)
    minitest (4.7.4)
    multi_json (1.7.6)
    rake (10.0.4)
    redis (3.0.4)
    thread_safe (0.1.0)
      atomic
    tzinfo (0.3.37)

PLATFORMS
  ruby

DEPENDENCIES
  bundler (~> 1.3)
  minitest
  rake
  time_series!
